GEM
  remote: https://rubygems.org/
  specs:
    addressable (2.5.2)
      public_suffix (>= 2.0.2, < 4.0)
    ast (2.4.0)
    basiccache (1.0.0)
    bitters (1.1.0)
      bourbon (>= 4.2)
      sass (>= 3.4)
      thor
    bourbon (4.2.7)
      sass (~> 3.4)
      thor (~> 0.19)
    codecov (0.1.10)
      json
      simplecov
      url
    curb (0.9.6)
    daemons (1.2.6)
    diff-lcs (1.3)
    docile (1.3.1)
    eventmachine (1.2.7)
    faraday (0.15.2)
      multipart-post (>= 1.2, < 3)
    faraday-http-cache (1.2.2)
      faraday (~> 0.8)
    ffi (1.9.25)
    fuubar (2.3.2)
      rspec-core (~> 3.0)
      ruby-progressbar (~> 1.4)
    githubstats (3.0.0)
      basiccache (~> 1.0.0)
      curb (~> 0.9.0)
      nokogiri (~> 1.8.0)
    goodcop (0.5.0)
      fuubar (~> 2.3.0)
    jaro_winkler (1.5.1)
    json (2.1.0)
    mini_portile2 (2.3.0)
    multipart-post (2.0.0)
    mustache (0.99.8)
    mustache-sinatra (1.0.1)
      mustache (<= 0.99.8)
    mustermann (1.0.2)
    neat (1.7.4)
      bourbon (>= 4.0)
      sass (>= 3.3)
    nokogiri (1.8.4)
      mini_portile2 (~> 2.3.0)
    octokit (4.10.0)
      sawyer (~> 0.8.0, >= 0.5.3)
    parallel (1.12.1)
    parser (2.5.1.2)
      ast (~> 2.4.0)
    powerpack (0.1.2)
    public_suffix (3.0.2)
    rack (2.0.5)
    rack-protection (2.0.3)
      rack
    rainbow (3.0.0)
    rake (12.3.1)
    rb-fsevent (0.10.3)
    rb-inotify (0.9.10)
      ffi (>= 0.5.0, < 2)
    redis (3.2.2)
    redisstore (1.0.0)
      basiccache (~> 1.0.0)
      redis (~> 3.2.0)
    rspec (3.8.0)
      rspec-core (~> 3.8.0)
      rspec-expectations (~> 3.8.0)
      rspec-mocks (~> 3.8.0)
    rspec-core (3.8.0)
      rspec-support (~> 3.8.0)
    rspec-expectations (3.8.1)
      diff-lcs (>= 1.2.0, < 2.0)
      rspec-support (~> 3.8.0)
    rspec-mocks (3.8.0)
      diff-lcs (>= 1.2.0, < 2.0)
      rspec-support (~> 3.8.0)
    rspec-support (3.8.0)
    rubocop (0.58.2)
      jaro_winkler (~> 1.5.1)
      parallel (~> 1.10)
      parser (>= 2.5, != 2.5.1.1)
      powerpack (~> 0.1)
      rainbow (>= 2.2.2, < 4.0)
      ruby-progressbar (~> 1.7)
      unicode-display_width (~> 1.0, >= 1.0.1)
    ruby-progressbar (1.10.0)
    sass (3.5.7)
      sass-listen (~> 4.0.0)
    sass-listen (4.0.0)
      rb-fsevent (~> 0.9, >= 0.9.4)
      rb-inotify (~> 0.9, >= 0.9.7)
    sawyer (0.8.1)
      addressable (>= 2.3.5, < 2.6)
      faraday (~> 0.8, < 1.0)
    shotgun (0.9.2)
      rack (>= 1.0)
    simplecov (0.16.1)
      docile (~> 1.1)
      json (>= 1.8, < 3)
      simplecov-html (~> 0.10.0)
    simplecov-html (0.10.2)
    sinatra (2.0.3)
      mustermann (~> 1.0)
      rack (~> 2.0)
      rack-protection (= 2.0.3)
      tilt (~> 2.0)
    thin (1.6.2)
      daemons (>= 1.0.9)
      eventmachine (>= 1.0.0)
      rack (>= 1.0.0)
    thor (0.20.0)
    tilt (2.0.8)
    unicode-display_width (1.4.0)
    url (0.3.2)

PLATFORMS
  ruby

DEPENDENCIES
  basiccache (~> 1.0.0)
  bitters (~> 1.1.0)
  bourbon (~> 4.2.0)
  codecov (~> 0.1.1)
  faraday-http-cache (~> 1.2.0)
  fuubar (~> 2.3.0)
  githubstats (~> 3.0.0)
  goodcop (~> 0.5.0)
  mustache-sinatra (~> 1.0.1)
  neat (~> 1.7.0)
  octokit (~> 4.10.0)
  rake (~> 12.3.0)
  redisstore (~> 1.0.0)
  rspec (~> 3.8.0)
  rubocop (~> 0.58.0)
  shotgun (~> 0.9)
  sinatra (~> 2.0.0)
  thin (~> 1.6.2)

BUNDLED WITH
   1.16.3
