GEM
  remote: https://rubygems.org/
  specs:
    addressable (2.7.0)
      public_suffix (>= 2.0.2, < 5.0)
    ast (2.4.0)
    basiccache (1.0.0)
    bitters (1.1.0)
      bourbon (>= 4.2)
      sass (>= 3.4)
      thor
    bourbon (4.2.7)
      sass (~> 3.4)
      thor (~> 0.19)
    codecov (0.1.15)
      json
      simplecov
      url
    curb (0.9.10)
    daemons (1.3.1)
    docile (1.3.2)
    eventmachine (1.2.7)
    faraday (0.17.0)
      multipart-post (>= 1.2, < 3)
    faraday-http-cache (1.2.2)
      faraday (~> 0.8)
    ffi (1.11.1)
    fuubar (2.5.0)
      rspec-core (~> 3.0)
      ruby-progressbar (~> 1.4)
    githubstats (3.0.1)
      basiccache (~> 1.0.0)
      curb (~> 0.9.0)
      nokogiri (~> 1.10.0)
    goodcop (0.8.0)
      fuubar (~> 2.5.0)
      rubocop-performance (~> 1.5.0)
    jaro_winkler (1.5.4)
    json (2.2.0)
    mini_portile2 (2.4.0)
    multipart-post (2.1.1)
    mustache (0.99.8)
    mustache-sinatra (1.0.1)
      mustache (<= 0.99.8)
    mustermann (1.0.3)
    neat (1.7.4)
      bourbon (>= 4.0)
      sass (>= 3.3)
    nokogiri (1.10.8)
      mini_portile2 (~> 2.4.0)
    octokit (4.14.0)
      sawyer (~> 0.8.0, >= 0.5.3)
    parallel (1.18.0)
    parser (2.6.5.0)
      ast (~> 2.4.0)
    public_suffix (4.0.1)
    rack (2.0.7)
    rack-protection (2.0.7)
      rack
    rainbow (3.0.0)
    rb-fsevent (0.10.3)
    rb-inotify (0.10.0)
      ffi (~> 1.0)
    redis (3.2.2)
    redisstore (1.0.0)
      basiccache (~> 1.0.0)
      redis (~> 3.2.0)
    rspec-core (3.9.0)
      rspec-support (~> 3.9.0)
    rspec-support (3.9.0)
    rubocop (0.76.0)
      jaro_winkler (~> 1.5.1)
      parallel (~> 1.10)
      parser (>= 2.6)
      rainbow (>= 2.2.2, < 4.0)
      ruby-progressbar (~> 1.7)
      unicode-display_width (>= 1.4.0, < 1.7)
    rubocop-performance (1.5.0)
      rubocop (>= 0.71.0)
    ruby-progressbar (1.10.1)
    sass (3.7.4)
      sass-listen (~> 4.0.0)
    sass-listen (4.0.0)
      rb-fsevent (~> 0.9, >= 0.9.4)
      rb-inotify (~> 0.9, >= 0.9.7)
    sawyer (0.8.2)
      addressable (>= 2.3.5)
      faraday (> 0.8, < 2.0)
    shotgun (0.9.2)
      rack (>= 1.0)
    simplecov (0.17.1)
      docile (~> 1.1)
      json (>= 1.8, < 3)
      simplecov-html (~> 0.10.0)
    simplecov-html (0.10.2)
    sinatra (2.0.7)
      mustermann (~> 1.0)
      rack (~> 2.0)
      rack-protection (= 2.0.7)
      tilt (~> 2.0)
    thin (1.6.2)
      daemons (>= 1.0.9)
      eventmachine (>= 1.0.0)
      rack (>= 1.0.0)
    thor (0.20.3)
    tilt (2.0.10)
    unicode-display_width (1.6.0)
    url (0.3.2)

PLATFORMS
  ruby

DEPENDENCIES
  basiccache (~> 1.0.0)
  bitters (~> 1.1.0)
  bourbon (~> 4.2.0)
  codecov (~> 0.1.1)
  faraday-http-cache (~> 1.2.0)
  githubstats (~> 3.0.0)
  goodcop (~> 0.8.0)
  mustache-sinatra (~> 1.0.1)
  neat (~> 1.7.0)
  octokit (~> 4.14.0)
  redisstore (~> 1.0.0)
  shotgun (~> 0.9)
  sinatra (~> 2.0.0)
  thin (~> 1.6.2)

BUNDLED WITH
   1.17.3
