GEM
  remote: https://rubygems.org/
  specs:
    addressable (2.3.8)
    ast (2.0.0)
    astrolabe (1.3.0)
      parser (>= 2.2.0.pre.3, < 3.0)
    basiccache (1.0.0)
    bitters (1.0.0)
      bourbon (>= 3.2)
      sass (>= 3.2)
      thor
    bourbon (4.1.1)
      sass (~> 3.3)
      thor
    coveralls (0.7.12)
      multi_json (~> 1.10)
      rest-client (>= 1.6.8, < 2)
      simplecov (~> 0.9.1)
      term-ansicolor (~> 1.3)
      thor (~> 0.19.1)
    curb (0.8.8)
    daemons (1.2.2)
    diff-lcs (1.2.5)
    docile (1.1.5)
    domain_name (0.5.24)
      unf (>= 0.0.5, < 1.0.0)
    eventmachine (1.0.7)
    faraday (0.9.1)
      multipart-post (>= 1.2, < 3)
    faraday-http-cache (1.0.1)
      faraday (~> 0.8)
    fuubar (2.0.0)
      rspec (~> 3.0)
      ruby-progressbar (~> 1.4)
    githubstats (0.2.18)
      basiccache (~> 1.0.0)
      curb (~> 0.8.6)
      nokogiri (~> 1.6.5)
    http-cookie (1.0.2)
      domain_name (~> 0.5)
    mime-types (2.4.3)
    mini_portile (0.6.2)
    multi_json (1.11.0)
    multipart-post (2.0.0)
    mustache (0.99.8)
    mustache-sinatra (1.0.1)
      mustache (<= 0.99.8)
    neat (1.7.2)
      bourbon (>= 4.0)
      sass (>= 3.3)
    netrc (0.10.3)
    nokogiri (1.6.6.2)
      mini_portile (~> 0.6.0)
    octokit (3.7.1)
      sawyer (~> 0.6.0, >= 0.5.3)
    parser (2.2.2.1)
      ast (>= 1.1, < 3.0)
    powerpack (0.1.0)
    rack (1.6.0)
    rack-protection (1.5.3)
      rack
    rainbow (2.0.0)
    rake (10.4.2)
    redis (3.2.1)
    redisstore (1.0.0)
      basiccache (~> 1.0.0)
      redis (~> 3.2.0)
    rest-client (1.8.0)
      http-cookie (>= 1.0.2, < 2.0)
      mime-types (>= 1.16, < 3.0)
      netrc (~> 0.7)
    rspec (3.2.0)
      rspec-core (~> 3.2.0)
      rspec-expectations (~> 3.2.0)
      rspec-mocks (~> 3.2.0)
    rspec-core (3.2.3)
      rspec-support (~> 3.2.0)
    rspec-expectations (3.2.1)
      diff-lcs (>= 1.2.0, < 2.0)
      rspec-support (~> 3.2.0)
    rspec-mocks (3.2.1)
      diff-lcs (>= 1.2.0, < 2.0)
      rspec-support (~> 3.2.0)
    rspec-support (3.2.2)
    rubocop (0.29.1)
      astrolabe (~> 1.3)
      parser (>= 2.2.0.1, < 3.0)
      powerpack (~> 0.1)
      rainbow (>= 1.99.1, < 3.0)
      ruby-progressbar (~> 1.4)
    ruby-progressbar (1.7.5)
    sass (3.4.13)
    sawyer (0.6.0)
      addressable (~> 2.3.5)
      faraday (~> 0.8, < 0.10)
    shotgun (0.9.1)
      rack (>= 1.0)
    simplecov (0.9.2)
      docile (~> 1.1.0)
      multi_json (~> 1.0)
      simplecov-html (~> 0.9.0)
    simplecov-html (0.9.0)
    sinatra (1.4.6)
      rack (~> 1.4)
      rack-protection (~> 1.4)
      tilt (>= 1.3, < 3)
    term-ansicolor (1.3.0)
      tins (~> 1.0)
    thin (1.6.3)
      daemons (~> 1.0, >= 1.0.9)
      eventmachine (~> 1.0)
      rack (~> 1.0)
    thor (0.19.1)
    tilt (2.0.1)
    tins (1.3.5)
    unf (0.1.4)
      unf_ext
    unf_ext (0.0.7.1)

PLATFORMS
  ruby

DEPENDENCIES
  basiccache (~> 1.0.0)
  bitters (~> 1.0.0)
  bourbon (~> 4.1.0)
  coveralls (~> 0.7.1)
  faraday-http-cache (~> 1.0.0)
  fuubar (~> 2.0.0)
  githubstats (~> 0.2.18)
  mustache-sinatra (~> 1.0.1)
  neat (~> 1.7.0)
  octokit (~> 3.7.0)
  rake (~> 10.4.0)
  redisstore (~> 1.0.0)
  rspec (~> 3.2.0)
  rubocop (~> 0.29.0)
  shotgun (~> 0.9)
  sinatra (~> 1.4.5)
  thin (~> 1.6.2)
